GEM
  remote: https://rubygems.org/
  specs:
    awesome_print (1.1.0)
    builder (3.2.0)
    calabash-android (0.4.2)
      awesome_print
      cucumber
      json
      retriable
      rubyzip
      slowhandcuke
    cucumber (1.2.3)
      builder (>= 2.1.2)
      diff-lcs (>= 1.1.3)
      gherkin (~> 2.11.6)
      multi_json (~> 1.3)
    diff-lcs (1.2.1)
    gherkin (2.11.6)
      json (>= 1.7.6)
    json (1.7.7)
    multi_json (1.7.1)
    retriable (1.3.3)
    rubyzip (0.9.9)
    slowhandcuke (0.0.3)
      cucumber

PLATFORMS
  ruby

DEPENDENCIES
  calabash-android
